GEM
  remote: https://rubygems.org/
  specs:
    hologram (1.0.1)
      pygments.rb (~> 0.4.2)
      redcarpet (~> 2.2.2)
    posix-spawn (0.3.8)
    pygments.rb (0.4.2)
      posix-spawn (~> 0.3.6)
      yajl-ruby (~> 1.1.0)
    redcarpet (2.2.2)
    yajl-ruby (1.1.0)

PLATFORMS
  ruby

DEPENDENCIES
  hologram
